PATH
  remote: .
  specs:
    rocketeer (0.6.1)

GEM
  remote: https://rubygems.org/
  specs:
    bacon (1.2.0)
    bacon-colored_output (1.0.1)
      bacon
    rack (1.5.2)
    rack-protection (1.3.2)
      rack
    rack-test (0.6.2)
      rack (>= 1.0)
    rake (10.0.3)
    sinatra (1.3.5)
      rack (~> 1.4)
      rack-protection (~> 1.3)
      tilt (~> 1.3, >= 1.3.3)
    tilt (1.3.3)

PLATFORMS
  ruby

DEPENDENCIES
  bacon (~> 1.2.0)
  bacon-colored_output (~> 1.0.1)
  rack (~> 1.5.2)
  rack-test (~> 0.6.2)
  rake (~> 10.0.3)
  rocketeer!
  sinatra (~> 1.3.5)
